NUGET
  remote: https://api.nuget.org/v3/index.json
    GPS.SimpleExtensions (1.0.0.1)
    MSTest.TestAdapter (1.1.18)
      NETStandard.Library (>= 1.6.1) - framework: netcore10
      System.Diagnostics.TextWriterTraceListener (>= 4.3) - framework: netcore10
    MSTest.TestFramework (1.1.18)
    NETStandard.Library (1.6.1) - framework: netcore10
    NuGet.CommandLine (4.1)
    System.Diagnostics.TextWriterTraceListener (4.3) - framework: netcore10
